GEM
  remote: http://rubygems.org/
  specs:
    coffee-script (2.4.1)
      coffee-script-source
      execjs
    coffee-script-source (1.12.2)
    concurrent-ruby (1.0.5)
    diff-lcs (1.3)
    excel_to_code (0.3.17)
      ffi (~> 1.0, >= 1.0.11)
      ox (~> 2.0, >= 2.0.12)
      rspec (~> 2.7, >= 2.7.0)
      rubypeg (~> 0)
    execjs (2.7.0)
    ffi (1.9.18)
    haml (5.0.4)
      temple (>= 0.8.0)
      tilt
    json (2.1.0)
    mustermann (1.0.1)
    ox (2.8.2)
    puma (3.11.3)
    rack (2.0.3)
    rack-protection (2.0.0)
      rack
    rb-fsevent (0.10.2)
    rb-inotify (0.9.10)
      ffi (>= 0.5.0, < 2)
    rspec (2.99.0)
      rspec-core (~> 2.99.0)
      rspec-expectations (~> 2.99.0)
      rspec-mocks (~> 2.99.0)
    rspec-core (2.99.2)
    rspec-expectations (2.99.2)
      diff-lcs (>= 1.1.3, < 2.0)
    rspec-mocks (2.99.4)
    rubypeg (0.0.4)
      rubyscriptwriter
    rubyscriptwriter (0.0.2)
    sass (3.5.4)
      sass-listen (~> 4.0.0)
    sass-listen (4.0.0)
      rb-fsevent (~> 0.9, >= 0.9.4)
      rb-inotify (~> 0.9, >= 0.9.7)
    shotgun (0.9.2)
      rack (>= 1.0)
    sinatra (2.0.0)
      mustermann (~> 1.0)
      rack (~> 2.0)
      rack-protection (= 2.0.0)
      tilt (~> 2.0)
    sprockets (3.7.1)
      concurrent-ruby (~> 1.0)
      rack (> 1, < 3)
    temple (0.8.0)
    tilt (2.0.8)
    uglifier (4.0.2)
      execjs (>= 0.3.0, < 3)

PLATFORMS
  ruby

DEPENDENCIES
  coffee-script
  excel_to_code (>= 0.3.16)
  ffi
  haml
  json
  puma (= 3.11.3)
  sass
  shotgun
  sinatra (= 2.0.0)
  sprockets
  uglifier

BUNDLED WITH
   1.16.1
